GEM
  remote: http://rubygems.org/
  specs:
    bluecloth (2.0.7)
    classifier (1.3.3)
      fast-stemmer (>= 1.0.0)
    directory_watcher (1.3.2)
    fast-stemmer (1.0.0)
    gli (1.1.1)
    jekyll (0.7.0)
      classifier (>= 1.3.1)
      directory_watcher (>= 1.1.1)
      liquid (>= 1.9.0)
      maruku (>= 0.5.9)
    json (1.4.6)
    liquid (2.2.2)
    maruku (0.6.0)
      syntax (>= 1.0.0)
    nokogiri (1.4.3.1)
    rack (1.2.1)
    ruby-fsevent (0.2.1)
    showoff (0.2.5)
      bluecloth
      gli (>= 1.1.0)
      json
      nokogiri
      sinatra
    sinatra (1.0)
      rack (>= 1.0)
    syntax (1.0.0)

PLATFORMS
  ruby

DEPENDENCIES
  jekyll
  ruby-fsevent
  showoff
